GEM
  remote: https://rubygems.org/
  specs:
    diff-lcs (1.4.4)
    geometry (6.5)
    rspec (3.10.0)
      rspec-core (~> 3.10.0)
      rspec-expectations (~> 3.10.0)
      rspec-mocks (~> 3.10.0)
    rspec-core (3.10.1)
      rspec-support (~> 3.10.0)
    rspec-expectations (3.10.1)
      diff-lcs (>= 1.2.0, < 2.0)
      rspec-support (~> 3.10.0)
    rspec-mocks (3.10.2)
      diff-lcs (>= 1.2.0, < 2.0)
      rspec-support (~> 3.10.0)
    rspec-support (3.10.3)

PLATFORMS
  x64-mingw32

DEPENDENCIES
  geometry
  rspec

BUNDLED WITH
   2.2.32
